GIT
  remote: https://github.com/mysociety/acts_as_versioned.git
  revision: 13e928b8227349461205c2fa22d0bc3dbe2f1135
  ref: 13e928b
  specs:
    acts_as_versioned (0.6.0)
      activerecord (>= 3.0.9)

GIT
  remote: https://github.com/mysociety/ruby-msg.git
  revision: fae72e547299ab1f8b23239a79f5a1d353426b40
  branch: ascii-encoding
  specs:
    ruby-msg (1.5.2)
      ruby-ole (>= 1.2.8)
      vpim (>= 0.360)

GIT
  remote: https://github.com/mysociety/strip_attributes.git
  revision: 842a889258a897692296dff8445bb9dc12e676f8
  branch: globalize3-rails7
  specs:
    strip_attributes (1.12.0)
      activemodel (>= 3.0, < 8.0)

GIT
  remote: https://github.com/rails/sprockets
  revision: f4d3dae71ef29c44b75a49cfbf8032cce07b423a
  ref: 3.x
  specs:
    sprockets (3.7.2)
      concurrent-ruby (~> 1.0)
      rack (> 1, < 3)

GIT
  remote: https://github.com/stripe-ruby-mock/stripe-ruby-mock
  revision: 6ceea9679bb573cb8bc6830f1bdf670b220a9859
  ref: 6ceea96
  specs:
    stripe-ruby-mock (3.1.0.rc3)
      dante (>= 0.2.0)
      multi_json (~> 1.0)
      stripe (> 5, < 6)

PATH
  remote: gems/alaveteli_features
  specs:
    alaveteli_features (0.0.1)
      flipper (~> 0.10)
      flipper-active_record (~> 0.10)
      mime-types (< 4.0.0)
      rails (>= 7.0.4, < 7.2.0)

PATH
  remote: gems/excel_analyzer
  specs:
    excel_analyzer (0.0.1)
      activestorage
      mahoro
      mail
      rubyXL
      rubyzip

GEM
  remote: https://rubygems.org/
  specs:
    actioncable (7.0.8.4)
      actionpack (= 7.0.8.4)
      activesupport (= 7.0.8.4)
      nio4r (~> 2.0)
      websocket-driver (>= 0.6.1)
    actionmailbox (7.0.8.4)
      actionpack (= 7.0.8.4)
      activejob (= 7.0.8.4)
      activerecord (= 7.0.8.4)
      activestorage (= 7.0.8.4)
      activesupport (= 7.0.8.4)
      mail (>= 2.7.1)
      net-imap
      net-pop
      net-smtp
    actionmailer (7.0.8.4)
      actionpack (= 7.0.8.4)
      actionview (= 7.0.8.4)
      activejob (= 7.0.8.4)
      activesupport (= 7.0.8.4)
      mail (~> 2.5, >= 2.5.4)
      net-imap
      net-pop
      net-smtp
      rails-dom-testing (~> 2.0)
    actionpack (7.0.8.4)
      actionview (= 7.0.8.4)
      activesupport (= 7.0.8.4)
      rack (~> 2.0, >= 2.2.4)
      rack-test (>= 0.6.3)
      rails-dom-testing (~> 2.0)
      rails-html-sanitizer (~> 1.0, >= 1.2.0)
    actiontext (7.0.8.4)
      actionpack (= 7.0.8.4)
      activerecord (= 7.0.8.4)
      activestorage (= 7.0.8.4)
      activesupport (= 7.0.8.4)
      globalid (>= 0.6.0)
      nokogiri (>= 1.8.5)
    actionview (7.0.8.4)
      activesupport (= 7.0.8.4)
      builder (~> 3.1)
      erubi (~> 1.4)
      rails-dom-testing (~> 2.0)
      rails-html-sanitizer (~> 1.1, >= 1.2.0)
    active_model_otp (2.3.4)
      activemodel
      rotp (~> 6.3.0)
    activejob (7.0.8.4)
      activesupport (= 7.0.8.4)
      globalid (>= 0.3.6)
    activejob-uniqueness (0.2.5)
      activejob (>= 4.2, < 7.1)
      redlock (>= 1.2, < 2)
    activemodel (7.0.8.4)
      activesupport (= 7.0.8.4)
    activerecord (7.0.8.4)
      activemodel (= 7.0.8.4)
      activesupport (= 7.0.8.4)
    activestorage (7.0.8.4)
      actionpack (= 7.0.8.4)
      activejob (= 7.0.8.4)
      activerecord (= 7.0.8.4)
      activesupport (= 7.0.8.4)
      marcel (~> 1.0)
      mini_mime (>= 1.1.0)
    activesupport (7.0.8.4)
      concurrent-ruby (~> 1.0, >= 1.0.2)
      i18n (>= 1.6, < 2)
      minitest (>= 5.1)
      tzinfo (~> 2.0)
    addressable (2.8.7)
      public_suffix (>= 2.0.2, < 7.0)
    annotate (3.2.0)
      activerecord (>= 3.2, < 8.0)
      rake (>= 10.4, < 14.0)
    ast (2.4.2)
    aws-eventstream (1.3.0)
    aws-partitions (1.970.0)
    aws-sdk-core (3.202.2)
      aws-eventstream (~> 1, >= 1.3.0)
      aws-partitions (~> 1, >= 1.651.0)
      aws-sigv4 (~> 1.9)
      jmespath (~> 1, >= 1.6.1)
    aws-sdk-kms (1.88.0)
      aws-sdk-core (~> 3, >= 3.201.0)
      aws-sigv4 (~> 1.5)
    aws-sdk-s3 (1.159.0)
      aws-sdk-core (~> 3, >= 3.201.0)
      aws-sdk-kms (~> 1)
      aws-sigv4 (~> 1.5)
    aws-sigv4 (1.9.1)
      aws-eventstream (~> 1, >= 1.0.2)
    baran (0.1.12)
    base64 (0.2.0)
    bcrypt (3.1.20)
    bigdecimal (3.1.8)
    bindex (0.8.1)
    bootstrap-sass (2.3.2.2)
      sass (~> 3.2)
    builder (3.3.0)
    bullet (7.2.0)
      activesupport (>= 3.0.0)
      uniform_notifier (~> 1.11)
    cancancan (3.6.1)
    capistrano (2.15.11)
      highline
      net-scp (>= 1.0.0)
      net-sftp (>= 2.0.0)
      net-ssh (>= 2.0.14)
      net-ssh-gateway (>= 1.1.0)
    capybara (3.40.0)
      addressable
      matrix
      mini_mime (>= 0.1.3)
      nokogiri (~> 1.11)
      rack (>= 1.6.0)
      rack-test (>= 0.6.3)
      regexp_parser (>= 1.5, < 3.0)
      xpath (~> 3.2)
    charlock_holmes (0.7.9)
    childprocess (5.0.0)
    coderay (1.1.3)
    colorize (1.1.0)
    concurrent-ruby (1.3.4)
    connection_pool (2.4.1)
    crack (1.0.0)
      bigdecimal
      rexml
    crass (1.0.6)
    dalli (3.2.8)
    dante (0.2.0)
    date (3.3.4)
    declarative (0.0.20)
    diff-lcs (1.5.1)
    digest-crc (0.6.5)
      rake (>= 12.0.0, < 14.0.0)
    docile (1.4.0)
    erubi (1.13.0)
    exception_notification (4.5.0)
      actionmailer (>= 5.2, < 8)
      activesupport (>= 5.2, < 8)
    execjs (2.7.0)
    factory_bot (6.4.5)
      activesupport (>= 5.0.0)
    factory_bot_rails (6.4.3)
      factory_bot (~> 6.4)
      railties (>= 5.0.0)
    fancybox-rails (0.3.1)
      railties (>= 3.1.0)
    faraday (2.10.1)
      faraday-net_http (>= 2.0, < 3.2)
      logger
    faraday-net_http (3.1.1)
      net-http
    fast_gettext (3.1.0)
      prime
    fivemat (1.3.7)
    flipper (0.28.3)
      concurrent-ruby (< 2)
    flipper-active_record (0.28.3)
      activerecord (>= 4.2, < 8)
      flipper (~> 0.28.3)
    forwardable (1.3.3)
    friendly_id (5.5.1)
      activerecord (>= 4.0.0)
    gender_detector (2.0.0)
    gettext (3.4.9)
      erubi
      locale (>= 2.0.5)
      prime
      racc
      text (>= 1.3.0)
    gettext_i18n_rails (1.13.0)
      fast_gettext (>= 0.9.0)
    globalid (1.2.1)
      activesupport (>= 6.1)
    globalize (6.3.0)
      activemodel (>= 4.2, < 7.2)
      activerecord (>= 4.2, < 7.2)
      request_store (~> 1.0)
    gnuplot (2.6.2)
    google-apis-core (0.11.2)
      addressable (~> 2.5, >= 2.5.1)
      googleauth (>= 0.16.2, < 2.a)
      httpclient (>= 2.8.1, < 3.a)
      mini_mime (~> 1.0)
      representable (~> 3.0)
      retriable (>= 2.0, < 4.a)
      rexml
      webrick
    google-apis-iamcredentials_v1 (0.17.0)
      google-apis-core (>= 0.11.0, < 2.a)
    google-apis-storage_v1 (0.31.0)
      google-apis-core (>= 0.11.0, < 2.a)
    google-cloud-core (1.6.1)
      google-cloud-env (>= 1.0, < 3.a)
      google-cloud-errors (~> 1.0)
    google-cloud-env (1.6.0)
      faraday (>= 0.17.3, < 3.0)
    google-cloud-errors (1.3.1)
    google-cloud-storage (1.47.0)
      addressable (~> 2.8)
      digest-crc (~> 0.4)
      google-apis-iamcredentials_v1 (~> 0.1)
      google-apis-storage_v1 (~> 0.31.0)
      google-cloud-core (~> 1.6)
      googleauth (>= 0.16.2, < 2.a)
      mini_mime (~> 1.0)
    googleauth (1.8.1)
      faraday (>= 0.17.3, < 3.a)
      jwt (>= 1.4, < 3.0)
      multi_json (~> 1.11)
      os (>= 0.9, < 2.0)
      signet (>= 0.16, < 2.a)
    hashdiff (1.1.0)
    highline (2.1.0)
    hodel_3000_compliant_logger (0.1.1)
    holidays (8.8.0)
    htmlentities (4.3.4)
    httpclient (2.8.3)
    i18n (1.14.5)
      concurrent-ruby (~> 1.0)
    icalendar (2.10.2)
      ice_cube (~> 0.16)
    ice_cube (0.17.0)
    importmap-rails (2.0.1)
      actionpack (>= 6.0.0)
      activesupport (>= 6.0.0)
      railties (>= 6.0.0)
    iso_country_codes (0.7.8)
    jmespath (1.6.2)
    jquery-rails (4.6.0)
      rails-dom-testing (>= 1, < 3)
      railties (>= 4.2.0)
      thor (>= 0.14, < 2.0)
    jquery-ui-rails (6.0.1)
      railties (>= 3.2.16)
    json (2.7.2)
    json-schema (4.3.1)
      addressable (>= 2.8)
    jwt (2.7.1)
    langchainrb (0.13.5)
      baran (~> 0.1.9)
      colorize (~> 1.1.0)
      json-schema (~> 4)
      matrix
      pragmatic_segmenter (~> 0.3.0)
      to_bool (~> 2.0.0)
      zeitwerk (~> 2.5)
    langchainrb_rails (0.1.10)
      langchainrb (>= 0.7, < 0.14)
    language_server-protocol (3.17.0.3)
    launchy (3.0.1)
      addressable (~> 2.8)
      childprocess (~> 5.0)
    libv8-node (18.19.0.0)
    libv8-node (18.19.0.0-aarch64-linux)
    libv8-node (18.19.0.0-arm64-darwin)
    libv8-node (18.19.0.0-x86_64-darwin)
    libv8-node (18.19.0.0-x86_64-linux)
    locale (2.1.4)
    logger (1.6.0)
    loofah (2.22.0)
      crass (~> 1.0.2)
      nokogiri (>= 1.12.0)
    mahoro (0.5)
    mail (2.8.1)
      mini_mime (>= 0.1.1)
      net-imap
      net-pop
      net-smtp
    marcel (1.0.4)
    matrix (0.4.2)
    maxmind-db (1.2.0)
    method_source (1.1.0)
    mime-types (3.5.2)
      mime-types-data (~> 3.2015)
    mime-types-data (3.2023.1205)
    mini_magick (4.13.1)
    mini_mime (1.1.5)
    mini_portile2 (2.8.7)
    mini_racer (0.16.0)
      libv8-node (~> 18.19.0.0)
    minitest (5.25.1)
    money (6.19.0)
      i18n (>= 0.6.4, <= 2)
    multi_json (1.15.0)
    neighbor (0.4.3)
      activerecord (>= 6.1)
    net-http (0.4.1)
      uri
    net-imap (0.4.12)
      date
      net-protocol
    net-pop (0.1.2)
      net-protocol
    net-protocol (0.1.3)
      timeout
    net-scp (4.0.0)
      net-ssh (>= 2.6.5, < 8.0.0)
    net-sftp (4.0.0)
      net-ssh (>= 5.0.0, < 8.0.0)
    net-smtp (0.5.0)
      net-protocol
    net-ssh (7.2.3)
    net-ssh-gateway (2.0.0)
      net-ssh (>= 4.0.0)
    nio4r (2.7.3)
    nokogiri (1.16.7)
      mini_portile2 (~> 2.8.2)
      racc (~> 1.4)
    nokogiri (1.16.7-aarch64-linux)
      racc (~> 1.4)
    nokogiri (1.16.7-arm64-darwin)
      racc (~> 1.4)
    nokogiri (1.16.7-x86_64-darwin)
      racc (~> 1.4)
    nokogiri (1.16.7-x86_64-linux)
      racc (~> 1.4)
    oink (0.10.1)
      activerecord
      hodel_3000_compliant_logger
    open4 (1.3.4)
    os (1.1.4)
    parallel (1.26.3)
    parser (3.3.5.0)
      ast (~> 2.4.1)
      racc
    pg (1.5.7)
    pgvector (0.3.2)
    pragmatic_segmenter (0.3.24)
    prime (0.1.2)
      forwardable
      singleton
    pry (0.14.2)
      coderay (~> 1.1)
      method_source (~> 1.0)
    public_suffix (6.0.0)
    puma (6.4.2)
      nio4r (~> 2.0)
    racc (1.8.1)
    rack (2.2.9)
    rack-test (2.1.0)
      rack (>= 1.3)
    rack-utf8_sanitizer (1.9.1)
      rack (>= 1.0, < 4.0)
    rails (7.0.8.4)
      actioncable (= 7.0.8.4)
      actionmailbox (= 7.0.8.4)
      actionmailer (= 7.0.8.4)
      actionpack (= 7.0.8.4)
      actiontext (= 7.0.8.4)
      actionview (= 7.0.8.4)
      activejob (= 7.0.8.4)
      activemodel (= 7.0.8.4)
      activerecord (= 7.0.8.4)
      activestorage (= 7.0.8.4)
      activesupport (= 7.0.8.4)
      bundler (>= 1.15.0)
      railties (= 7.0.8.4)
    rails-controller-testing (1.0.5)
      actionpack (>= 5.0.1.rc1)
      actionview (>= 5.0.1.rc1)
      activesupport (>= 5.0.1.rc1)
    rails-dom-testing (2.2.0)
      activesupport (>= 5.0.0)
      minitest
      nokogiri (>= 1.6)
    rails-html-sanitizer (1.6.0)
      loofah (~> 2.21)
      nokogiri (~> 1.14)
    rails-i18n (7.0.5)
      i18n (>= 0.7, < 2)
      railties (>= 6.0.0, < 8)
    railties (7.0.8.4)
      actionpack (= 7.0.8.4)
      activesupport (= 7.0.8.4)
      method_source
      rake (>= 12.2)
      thor (~> 1.0)
      zeitwerk (~> 2.5)
    rainbow (3.1.1)
    rake (13.2.1)
    rb_sys (0.9.87)
    recaptcha (5.17.0)
    redcarpet (3.6.0)
    redis (4.8.1)
    redlock (1.3.2)
      redis (>= 3.0.0, < 6.0)
    regexp_parser (2.9.2)
    representable (3.2.0)
      declarative (< 0.1.0)
      trailblazer-option (>= 0.1.1, < 0.2.0)
      uber (< 0.2.0)
    request_store (1.5.1)
      rack (>= 1.4)
    retriable (3.1.2)
    rexml (3.3.7)
    rolify (6.0.1)
    rotp (6.3.0)
    rspec-activemodel-mocks (1.2.0)
      activemodel (>= 3.0)
      activesupport (>= 3.0)
      rspec-mocks (>= 2.99, < 4.0)
    rspec-core (3.13.1)
      rspec-support (~> 3.13.0)
    rspec-expectations (3.13.3)
      diff-lcs (>= 1.2.0, < 2.0)
      rspec-support (~> 3.13.0)
    rspec-mocks (3.13.1)
      diff-lcs (>= 1.2.0, < 2.0)
      rspec-support (~> 3.13.0)
    rspec-rails (7.0.1)
      actionpack (>= 7.0)
      activesupport (>= 7.0)
      railties (>= 7.0)
      rspec-core (~> 3.13)
      rspec-expectations (~> 3.13)
      rspec-mocks (~> 3.13)
      rspec-support (~> 3.13)
    rspec-support (3.13.1)
    rubocop (1.66.1)
      json (~> 2.3)
      language_server-protocol (>= 3.17.0)
      parallel (~> 1.10)
      parser (>= 3.3.0.2)
      rainbow (>= 2.2.2, < 4.0)
      regexp_parser (>= 2.4, < 3.0)
      rubocop-ast (>= 1.32.2, < 2.0)
      ruby-progressbar (~> 1.7)
      unicode-display_width (>= 2.4.0, < 3.0)
    rubocop-ast (1.32.3)
      parser (>= 3.3.1.0)
    rubocop-performance (1.21.1)
      rubocop (>= 1.48.1, < 2.0)
      rubocop-ast (>= 1.31.1, < 2.0)
    rubocop-rails (2.26.0)
      activesupport (>= 4.2.0)
      rack (>= 1.1)
      rubocop (>= 1.52.0, < 2.0)
      rubocop-ast (>= 1.31.1, < 2.0)
    ruby-ole (1.2.12.1)
    ruby-progressbar (1.13.0)
    rubyXL (3.4.27)
      nokogiri (>= 1.10.8)
      rubyzip (>= 1.3.0)
    rubyzip (2.3.2)
    sass (3.4.25)
    sass-rails (5.0.8)
      railties (>= 5.2.0)
      sass (~> 3.1)
      sprockets (>= 2.8, < 4.0)
      sprockets-rails (>= 2.0, < 4.0)
      tilt (>= 1.1, < 3)
    secure_headers (6.7.0)
    sequel (5.68.0)
    sidekiq (6.5.12)
      connection_pool (>= 2.2.5, < 3)
      rack (~> 2.0)
      redis (>= 4.5.0, < 5)
    sidekiq-limit_fetch (4.4.1)
      sidekiq (>= 6)
    signet (0.18.0)
      addressable (~> 2.8)
      faraday (>= 0.17.5, < 3.a)
      jwt (>= 1.5, < 3.0)
      multi_json (~> 1.10)
    simplecov (0.22.0)
      docile (~> 1.1)
      simplecov-html (~> 0.11)
      simplecov_json_formatter (~> 0.1)
    simplecov-html (0.12.3)
    simplecov-lcov (0.7.0)
    simplecov_json_formatter (0.1.4)
    singleton (0.2.0)
    sprockets-rails (3.4.2)
      actionpack (>= 5.2)
      activesupport (>= 5.2)
      sprockets (>= 3.0.0)
    statistics2 (0.54)
    stimulus-rails (1.3.4)
      railties (>= 6.0.0)
    stripe (5.55.0)
    syck (1.4.1)
    syslog_protocol (0.9.2)
    text (1.3.1)
    thor (1.3.2)
    tiktoken_ruby (0.0.9)
      rb_sys (= 0.9.87)
    tiktoken_ruby (0.0.9-aarch64-linux)
    tiktoken_ruby (0.0.9-arm64-darwin)
    tiktoken_ruby (0.0.9-x86_64-darwin)
    tiktoken_ruby (0.0.9-x86_64-linux)
    tilt (2.0.10)
    timeout (0.4.1)
    to_bool (2.0.0)
    trailblazer-option (0.1.2)
    turbo-rails (2.0.6)
      actionpack (>= 6.0.0)
      activejob (>= 6.0.0)
      railties (>= 6.0.0)
    tzinfo (2.0.6)
      concurrent-ruby (~> 1.0)
    uber (0.1.0)
    uglifier (4.2.0)
      execjs (>= 0.3.0, < 3)
    unicode (0.4.4.5)
    unicode-display_width (2.5.0)
    unidecoder (1.1.2)
    uniform_notifier (1.16.0)
    uri (0.13.0)
    vcr (6.3.1)
      base64
    vpim (24.2.20)
    web-console (4.2.1)
      actionview (>= 6.0.0)
      activemodel (>= 6.0.0)
      bindex (>= 0.4.0)
      railties (>= 6.0.0)
    webmock (3.23.1)
      addressable (>= 2.8.0)
      crack (>= 0.3.2)
      hashdiff (>= 0.4.0, < 2.0.0)
    webrick (1.8.1)
    websocket-driver (0.7.6)
      websocket-extensions (>= 0.1.0)
    websocket-extensions (0.1.5)
    will_paginate (4.0.1)
    xapian-full-alaveteli (1.4.22.1)
      mini_portile2 (~> 2.8)
      rake (~> 13.0)
    xml-simple (1.1.9)
      rexml
    xpath (3.2.0)
      nokogiri (~> 1.8)
    zeitwerk (2.6.18)
    zip_tricks (5.6.0)

PLATFORMS
  aarch64-linux
  arm64-darwin
  ruby
  x86_64-darwin
  x86_64-linux

DEPENDENCIES
  active_model_otp
  activejob-uniqueness (~> 0.2.5)
  acts_as_versioned!
  addressable (~> 2.8.7)
  alaveteli_features!
  annotate (< 3.2.1)
  aws-sdk-s3
  bcrypt (~> 3.1.20)
  bootstrap-sass (~> 2.3.2.2)
  bullet (~> 7.2.0)
  cancancan (~> 3.6.1)
  capistrano (~> 2.15.11)
  capybara (~> 3.40.0)
  charlock_holmes (~> 0.7.9)
  dalli (~> 3.2.8)
  excel_analyzer!
  exception_notification (~> 4.5.0)
  factory_bot_rails (~> 6.4.3)
  fancybox-rails (~> 0.3.0)
  faraday (~> 2.10)
  fast_gettext (~> 3.1.0)
  fivemat (~> 1.3.7)
  friendly_id (~> 5.5.1)
  gender_detector (~> 2.0.0)
  gettext (~> 3.4.9)
  gettext_i18n_rails (~> 1.13.0)
  globalize (~> 6.3.0)
  gnuplot (~> 2.6.0)
  google-cloud-storage (~> 1.47)
  holidays (~> 8.8.0)
  htmlentities (~> 4.3.0)
  i18n (~> 1.14.5)
  icalendar (~> 2.10.2)
  importmap-rails (~> 2.0.1)
  iso_country_codes (~> 0.7.8)
  jquery-rails (~> 4.6.0)
  jquery-ui-rails (~> 6.0.0)
  json (~> 2.7.2)
  langchainrb_rails (~> 0.1.10)
  launchy (< 3.1.0)
  locale (~> 2.1.4)
  mahoro (~> 0.5)
  mail (~> 2.8.1)
  matrix (~> 0.4.2)
  maxmind-db (~> 1.2.0)
  mime-types (< 4.0.0)
  mini_magick (~> 4.13.1)
  mini_racer (~> 0.16.0)
  money (~> 6.19.0)
  neighbor (~> 0.4.3)
  net-protocol (~> 0.1.3)
  net-ssh (~> 7.2.3)
  net-ssh-gateway (>= 1.1.0, < 3.0.0)
  nokogiri (~> 1.16.7)
  oink (~> 0.10.1)
  open4 (~> 1.3.0)
  pg (~> 1.5.7)
  pgvector (~> 0.2)
  pry (~> 0.14.2)
  puma (~> 6.4.2)
  rack (~> 2.2.9)
  rack-utf8_sanitizer (~> 1.9.1)
  rails (~> 7.0.8)
  rails-controller-testing
  rails-i18n (~> 7.0.5)
  recaptcha (~> 5.17.0)
  redcarpet (~> 3.6.0)
  redis (~> 4.8.1)
  rolify (~> 6.0.1)
  rspec-activemodel-mocks (~> 1.2.0)
  rspec-rails (~> 7.0.1)
  rubocop (~> 1.66.1)
  rubocop-performance
  rubocop-rails
  ruby-msg (~> 1.5.0)!
  rubyzip (~> 2.3.2)
  sass-rails (~> 5.0.8)
  secure_headers (~> 6.7.0)
  sequel (~> 5.68.0)
  sidekiq (~> 6.5.12)
  sidekiq-limit_fetch (~> 4.4.1)
  simplecov (~> 0.22.0)
  simplecov-lcov (~> 0.7.0)
  sprockets!
  statistics2 (~> 0.54)
  stimulus-rails (~> 1.3.4)
  strip_attributes!
  stripe (~> 5.55.0)
  stripe-ruby-mock!
  syck (~> 1.4.1)
  syslog_protocol (~> 0.9.0)
  tiktoken_ruby (~> 0.0.9)
  turbo-rails (~> 2.0.6)
  uglifier (~> 4.2.0)
  unicode (~> 0.4.4)
  unidecoder (~> 1.1.0)
  vcr (~> 6.3.1)
  vpim (~> 24.2.20)
  web-console (>= 3.3.0)
  webmock (~> 3.23.1)
  will_paginate (~> 4.0.1)
  xapian-full-alaveteli (~> 1.4.22.1)
  xml-simple (~> 1.1.9)
  zip_tricks (~> 5.6.0)
