GEM
  remote: http://rubygems.org/
  specs:
    actionmailer (2.3.14)
      actionpack (= 2.3.14)
    actionpack (2.3.14)
      activesupport (= 2.3.14)
      rack (~> 1.1.0)
    activerecord (2.3.14)
      activesupport (= 2.3.14)
    activeresource (2.3.14)
      activesupport (= 2.3.14)
    activesupport (2.3.14)
    annotate (2.4.0)
    archive-tar-minitar (0.5.2)
    bootstrap-sass (2.1.1.0)
    capistrano (2.13.4)
      highline
      net-scp (>= 1.0.0)
      net-sftp (>= 2.0.0)
      net-ssh (>= 2.0.14)
      net-ssh-gateway (>= 1.1.0)
    chunky_png (1.2.6)
    columnize (0.3.6)
    compass (0.12.2)
      chunky_png (~> 1.2)
      fssm (>= 0.2.7)
      sass (~> 3.1)
    daemons (1.1.9)
    eventmachine (1.0.0)
    fakeweb (1.3.0)
    fast_gettext (0.6.8)
    fastercsv (1.5.5)
    fssm (0.2.9)
    gettext (2.3.3)
      locale
    gettext_i18n_rails (0.7.1)
      fast_gettext (>= 0.4.8)
    haml (3.1.7)
    highline (1.6.13)
    hoe (3.0.8)
      rake (~> 0.8)
    i18n (0.6.1)
    json (1.5.4)
    linecache (0.46)
      rbx-require-relative (> 0.0.4)
    linecache19 (0.5.12)
      ruby_core_source (>= 0.1.4)
    locale (2.0.5)
    mahoro (0.3)
    mail (2.4.4)
      i18n (>= 0.4.0)
      mime-types (~> 1.16)
      treetop (~> 1.4.8)
    mailcatcher (0.2.4)
      eventmachine
      haml
      i18n
      json
      mail
      sinatra
      skinny (>= 0.1.2)
      sqlite3-ruby
      thin
    memcache-client (1.8.5)
    mime-types (1.19)
    net-http-local (0.1.2)
    net-purge (0.1.0)
    net-scp (1.0.4)
      net-ssh (>= 1.99.1)
    net-sftp (2.0.5)
      net-ssh (>= 2.0.9)
    net-ssh (2.5.2)
    net-ssh-gateway (1.1.0)
      net-ssh (>= 1.99.1)
    newrelic_rpm (3.4.1)
    pg (0.13.2)
    polyglot (0.3.3)
    rack (1.1.3)
    rails (2.3.14)
      actionmailer (= 2.3.14)
      actionpack (= 2.3.14)
      activerecord (= 2.3.14)
      activeresource (= 2.3.14)
      activesupport (= 2.3.14)
      rake (>= 0.8.3)
    rake (0.9.2.2)
    rbx-require-relative (0.0.9)
    rdoc (2.4.3)
    recaptcha (0.3.4)
    rmagick (2.13.1)
    routing-filter (0.2.4)
      actionpack
    rspec (1.3.2)
    rspec-rails (1.3.4)
      rack (>= 1.0.0)
      rspec (~> 1.3.1)
    ruby-debug (0.10.4)
      columnize (>= 0.1)
      ruby-debug-base (~> 0.10.4.0)
    ruby-debug-base (0.10.4)
      linecache (>= 0.3)
    ruby-debug-base19 (0.11.25)
      columnize (>= 0.3.1)
      linecache19 (>= 0.5.11)
      ruby_core_source (>= 0.1.4)
    ruby-debug19 (0.11.6)
      columnize (>= 0.3.1)
      linecache19 (>= 0.5.11)
      ruby-debug-base19 (>= 0.11.19)
    ruby-msg (1.5.0)
      ruby-ole (>= 1.2.8)
      vpim (>= 0.360)
    ruby-ole (1.2.11.3)
    ruby_core_source (0.1.5)
      archive-tar-minitar (>= 0.5.2)
    sass (3.2.1)
    sinatra (1.2.8)
      rack (~> 1.1)
      tilt (>= 1.2.2, < 2.0)
    skinny (0.2.3)
      eventmachine (~> 1.0.0)
      thin (~> 1.5.0)
    sqlite3 (1.3.6)
    sqlite3-ruby (1.3.3)
      sqlite3 (>= 1.3.3)
    syslog_protocol (0.9.2)
    test-unit (1.2.3)
      hoe (>= 1.5.1)
    thin (1.5.0)
      daemons (>= 1.0.9)
      eventmachine (>= 0.12.6)
      rack (>= 1.0.0)
    tilt (1.3.3)
    treetop (1.4.11)
      polyglot
      polyglot (>= 0.3.1)
    vpim (0.695)
    will_paginate (2.3.16)
    xapian-full-alaveteli (1.2.9.5)
    xml-simple (1.1.1)
    zip (2.0.2)

PLATFORMS
  ruby

DEPENDENCIES
  annotate
  bootstrap-sass
  capistrano
  compass
  fakeweb
  fast_gettext (>= 0.6.0)
  fastercsv (>= 1.5.5)
  gettext (~> 2.3.3)
  gettext_i18n_rails (>= 0.7.1)
  json (~> 1.5.1)
  locale (>= 2.0.5)
  mahoro
  mail
  mailcatcher
  memcache-client
  net-http-local
  net-purge
  newrelic_rpm
  pg
  rack (~> 1.1.0)
  rails (= 2.3.14)
  rake (= 0.9.2.2)
  rdoc (~> 2.4.3)
  recaptcha (~> 0.3.1)
  rmagick
  routing-filter (~> 0.2.4)
  rspec-rails (~> 1.3.4)
  ruby-debug
  ruby-debug19
  ruby-msg (~> 1.5.0)
  syslog_protocol
  test-unit (~> 1.2.3)
  vpim
  will_paginate (~> 2.3.11)
  xapian-full-alaveteli (~> 1.2.9.5)
  xml-simple
  zip
