GIT
  remote: https://github.com/mysociety/ruby-msg.git
  revision: fae72e547299ab1f8b23239a79f5a1d353426b40
  branch: ascii-encoding
  specs:
    ruby-msg (1.5.2)
      ruby-ole (>= 1.2.8)
      vpim (>= 0.360)

GIT
  remote: https://github.com/mysociety/strip_attributes.git
  revision: 62a5e1ee26501ad4c111b855cd73a5653091300b
  branch: globalize3-rails5.2
  specs:
    strip_attributes (1.11.0)
      activemodel (>= 3.0, < 7.0)

GIT
  remote: https://github.com/stripe-ruby-mock/stripe-ruby-mock
  revision: 2c925fd8cb568e3d0cfebffbe1babb490793f150
  ref: 2c925fd
  specs:
    stripe-ruby-mock (3.0.1)
      dante (>= 0.2.0)
      multi_json (~> 1.0)
      stripe (> 5, < 6)

GIT
  remote: https://github.com/technoweenie/acts_as_versioned.git
  revision: 63b1fc8529d028fae632fe80ec0cb25df56cd76b
  ref: 63b1fc8529d028
  specs:
    acts_as_versioned (0.6.0)
      activerecord (>= 3.0.9)

GIT
  remote: https://github.com/treenewbee/activestorage-sftp.git
  revision: 679fbe1227fff47ab0ba46cfd637927dfcd68210
  ref: 679fbe1
  specs:
    activestorage-sftp (0.2.0)
      net-sftp (>= 2.1.2)
      rails (>= 5.2.0)

PATH
  remote: gems/alaveteli_features
  specs:
    alaveteli_features (0.0.1)
      flipper (~> 0.10)
      flipper-active_record (~> 0.10)
      mime-types (< 3.0.0)
      rails (~> 6.1.4)

GEM
  remote: https://rubygems.org/
  specs:
    actioncable (6.1.5)
      actionpack (= 6.1.5)
      activesupport (= 6.1.5)
      nio4r (~> 2.0)
      websocket-driver (>= 0.6.1)
    actionmailbox (6.1.5)
      actionpack (= 6.1.5)
      activejob (= 6.1.5)
      activerecord (= 6.1.5)
      activestorage (= 6.1.5)
      activesupport (= 6.1.5)
      mail (>= 2.7.1)
    actionmailer (6.1.5)
      actionpack (= 6.1.5)
      actionview (= 6.1.5)
      activejob (= 6.1.5)
      activesupport (= 6.1.5)
      mail (~> 2.5, >= 2.5.4)
      rails-dom-testing (~> 2.0)
    actionpack (6.1.5)
      actionview (= 6.1.5)
      activesupport (= 6.1.5)
      rack (~> 2.0, >= 2.0.9)
      rack-test (>= 0.6.3)
      rails-dom-testing (~> 2.0)
      rails-html-sanitizer (~> 1.0, >= 1.2.0)
    actiontext (6.1.5)
      actionpack (= 6.1.5)
      activerecord (= 6.1.5)
      activestorage (= 6.1.5)
      activesupport (= 6.1.5)
      nokogiri (>= 1.8.5)
    actionview (6.1.5)
      activesupport (= 6.1.5)
      builder (~> 3.1)
      erubi (~> 1.4)
      rails-dom-testing (~> 2.0)
      rails-html-sanitizer (~> 1.1, >= 1.2.0)
    active_model_otp (2.3.1)
      activemodel
      rotp (~> 6.2.0)
    activejob (6.1.5)
      activesupport (= 6.1.5)
      globalid (>= 0.3.6)
    activemodel (6.1.5)
      activesupport (= 6.1.5)
    activerecord (6.1.5)
      activemodel (= 6.1.5)
      activesupport (= 6.1.5)
    activestorage (6.1.5)
      actionpack (= 6.1.5)
      activejob (= 6.1.5)
      activerecord (= 6.1.5)
      activesupport (= 6.1.5)
      marcel (~> 1.0)
      mini_mime (>= 1.1.0)
    activesupport (6.1.5)
      concurrent-ruby (~> 1.0, >= 1.0.2)
      i18n (>= 1.6, < 2)
      minitest (>= 5.1)
      tzinfo (~> 2.0)
      zeitwerk (~> 2.3)
    addressable (2.8.0)
      public_suffix (>= 2.0.2, < 5.0)
    annotate (3.2.0)
      activerecord (>= 3.2, < 8.0)
      rake (>= 10.4, < 14.0)
    ast (2.4.2)
    aws-eventstream (1.2.0)
    aws-partitions (1.568.0)
    aws-sdk-core (3.130.0)
      aws-eventstream (~> 1, >= 1.0.2)
      aws-partitions (~> 1, >= 1.525.0)
      aws-sigv4 (~> 1.1)
      jmespath (~> 1.0)
    aws-sdk-kms (1.55.0)
      aws-sdk-core (~> 3, >= 3.127.0)
      aws-sigv4 (~> 1.1)
    aws-sdk-s3 (1.113.0)
      aws-sdk-core (~> 3, >= 3.127.0)
      aws-sdk-kms (~> 1)
      aws-sigv4 (~> 1.4)
    aws-sigv4 (1.4.0)
      aws-eventstream (~> 1, >= 1.0.2)
    azure-core (0.1.15)
      faraday (~> 0.9)
      faraday_middleware (~> 0.10)
      nokogiri (~> 1.6)
    azure-storage (0.15.0.preview)
      azure-core (~> 0.1)
      faraday (~> 0.9)
      faraday_middleware (~> 0.10)
      nokogiri (~> 1.6, >= 1.6.8)
    bcrypt (3.1.17)
    bcrypt_pbkdf (1.1.0)
    bindex (0.8.1)
    bootstrap-sass (2.3.2.2)
      sass (~> 3.2)
    builder (3.2.4)
    bullet (7.0.1)
      activesupport (>= 3.0.0)
      uniform_notifier (~> 1.11)
    byebug (11.1.3)
    cancancan (3.3.0)
    capistrano (2.15.9)
      highline
      net-scp (>= 1.0.0)
      net-sftp (>= 2.0.0)
      net-ssh (>= 2.0.14)
      net-ssh-gateway (>= 1.1.0)
    capybara (3.35.3)
      addressable
      mini_mime (>= 0.1.3)
      nokogiri (~> 1.8)
      rack (>= 1.6.0)
      rack-test (>= 0.6.3)
      regexp_parser (>= 1.5, < 3.0)
      xpath (~> 3.2)
    charlock_holmes (0.7.7)
    coderay (1.1.3)
    concurrent-ruby (1.1.10)
    crack (0.4.5)
      rexml
    crass (1.0.6)
    daemons (1.4.0)
    dalli (3.2.1)
    dante (0.2.0)
    declarative (0.0.20)
    diff-lcs (1.5.0)
    digest-crc (0.6.4)
      rake (>= 12.0.0, < 14.0.0)
    docile (1.3.5)
    ed25519 (1.3.0)
    erubi (1.10.0)
    eventmachine (1.2.7)
    exception_notification (4.5.0)
      actionmailer (>= 5.2, < 8)
      activesupport (>= 5.2, < 8)
    execjs (2.7.0)
    factory_bot (6.2.0)
      activesupport (>= 5.0.0)
    factory_bot_rails (6.2.0)
      factory_bot (~> 6.2.0)
      railties (>= 5.0.0)
    fancybox-rails (0.3.1)
      railties (>= 3.1.0)
    faraday (0.17.4)
      multipart-post (>= 1.2, < 3)
    faraday_middleware (0.14.0)
      faraday (>= 0.7.4, < 1.0)
    fast_gettext (2.2.0)
    ffi (1.15.5)
    fivemat (1.3.7)
    flipper (0.22.1)
    flipper-active_record (0.22.1)
      activerecord (>= 4.2, < 7)
      flipper (~> 0.22.1)
    forwardable (1.3.2)
    gender_detector (2.0.0)
    gettext (3.4.2)
      locale (>= 2.0.5)
      prime
      text (>= 1.3.0)
    gettext_i18n_rails (1.8.1)
      fast_gettext (>= 0.9.0)
    globalid (1.0.0)
      activesupport (>= 5.0)
    globalize (6.1.0)
      activemodel (>= 4.2, < 7.1)
      activerecord (>= 4.2, < 7.1)
      request_store (~> 1.0)
    gnuplot (2.6.2)
    google-apis-core (0.4.2)
      addressable (~> 2.5, >= 2.5.1)
      googleauth (>= 0.16.2, < 2.a)
      httpclient (>= 2.8.1, < 3.a)
      mini_mime (~> 1.0)
      representable (~> 3.0)
      retriable (>= 2.0, < 4.a)
      rexml
      webrick
    google-apis-iamcredentials_v1 (0.10.0)
      google-apis-core (>= 0.4, < 2.a)
    google-apis-storage_v1 (0.11.0)
      google-apis-core (>= 0.4, < 2.a)
    google-cloud-core (1.6.0)
      google-cloud-env (~> 1.0)
      google-cloud-errors (~> 1.0)
    google-cloud-env (1.5.0)
      faraday (>= 0.17.3, < 2.0)
    google-cloud-errors (1.2.0)
    google-cloud-storage (1.36.1)
      addressable (~> 2.8)
      digest-crc (~> 0.4)
      google-apis-iamcredentials_v1 (~> 0.1)
      google-apis-storage_v1 (~> 0.1)
      google-cloud-core (~> 1.6)
      googleauth (>= 0.16.2, < 2.a)
      mini_mime (~> 1.0)
    googleauth (1.1.1)
      faraday (>= 0.17.3, < 2.0)
      jwt (>= 1.4, < 3.0)
      memoist (~> 0.16)
      multi_json (~> 1.11)
      os (>= 0.9, < 2.0)
      signet (>= 0.16, < 2.a)
    hashdiff (1.0.1)
    highline (2.0.0)
    hodel_3000_compliant_logger (0.1.1)
    holidays (8.5.0)
    htmlentities (4.3.4)
    httpclient (2.8.3)
    i18n (1.10.0)
      concurrent-ruby (~> 1.0)
    icalendar (2.7.1)
      ice_cube (~> 0.16)
    ice_cube (0.16.3)
    iso_country_codes (0.7.8)
    jmespath (1.6.0)
    jquery-rails (4.4.0)
      rails-dom-testing (>= 1, < 3)
      railties (>= 4.2.0)
      thor (>= 0.14, < 2.0)
    jquery-ui-rails (6.0.1)
      railties (>= 3.2.16)
    json (2.6.1)
    jwt (2.3.0)
    launchy (2.4.3)
      addressable (~> 2.3)
    libv8-node (16.10.0.0)
    libv8-node (16.10.0.0-aarch64-linux)
    libv8-node (16.10.0.0-x86_64-linux)
    listen (3.7.1)
      rb-fsevent (~> 0.10, >= 0.10.3)
      rb-inotify (~> 0.9, >= 0.9.10)
    locale (2.1.3)
    loofah (2.15.0)
      crass (~> 1.0.2)
      nokogiri (>= 1.5.9)
    mahoro (0.5)
    mail (2.7.1)
      mini_mime (>= 0.1.1)
    marcel (1.0.2)
    maxmind-db (1.0.0)
    memoist (0.16.2)
    method_source (1.0.0)
    mime-types (2.99.3)
    mini_magick (4.11.0)
    mini_mime (1.1.2)
    mini_portile2 (2.8.0)
    mini_racer (0.6.2)
      libv8-node (~> 16.10.0.0)
    minitest (5.15.0)
    money (6.16.0)
      i18n (>= 0.6.4, <= 2)
    multi_json (1.15.0)
    multipart-post (2.1.1)
    net-scp (1.2.1)
      net-ssh (>= 2.6.5)
    net-sftp (2.1.2)
      net-ssh (>= 2.6.5)
    net-ssh (6.1.0)
    net-ssh-gateway (2.0.0)
      net-ssh (>= 4.0.0)
    nio4r (2.5.8)
    nokogiri (1.13.4)
      mini_portile2 (~> 2.8.0)
      racc (~> 1.4)
    nokogiri (1.13.4-aarch64-linux)
      racc (~> 1.4)
    nokogiri (1.13.4-x86_64-linux)
      racc (~> 1.4)
    oink (0.10.1)
      activerecord
      hodel_3000_compliant_logger
    open4 (1.3.4)
    os (1.1.4)
    parallel (1.22.1)
    parser (3.1.1.0)
      ast (~> 2.4.1)
    pg (1.3.5)
    prime (0.1.2)
      forwardable
      singleton
    pry (0.13.1)
      coderay (~> 1.1)
      method_source (~> 1.0)
    pry-byebug (3.9.0)
      byebug (~> 11.0)
      pry (~> 0.13.0)
    public_suffix (4.0.6)
    racc (1.6.0)
    rack (2.2.3)
    rack-test (1.1.0)
      rack (>= 1.0, < 3)
    rack-utf8_sanitizer (1.7.0)
      rack (>= 1.0, < 3.0)
    rails (6.1.5)
      actioncable (= 6.1.5)
      actionmailbox (= 6.1.5)
      actionmailer (= 6.1.5)
      actionpack (= 6.1.5)
      actiontext (= 6.1.5)
      actionview (= 6.1.5)
      activejob (= 6.1.5)
      activemodel (= 6.1.5)
      activerecord (= 6.1.5)
      activestorage (= 6.1.5)
      activesupport (= 6.1.5)
      bundler (>= 1.15.0)
      railties (= 6.1.5)
      sprockets-rails (>= 2.0.0)
    rails-controller-testing (1.0.5)
      actionpack (>= 5.0.1.rc1)
      actionview (>= 5.0.1.rc1)
      activesupport (>= 5.0.1.rc1)
    rails-dom-testing (2.0.3)
      activesupport (>= 4.2.0)
      nokogiri (>= 1.6)
    rails-html-sanitizer (1.4.2)
      loofah (~> 2.3)
    rails-i18n (7.0.3)
      i18n (>= 0.7, < 2)
      railties (>= 6.0.0, < 8)
    railties (6.1.5)
      actionpack (= 6.1.5)
      activesupport (= 6.1.5)
      method_source
      rake (>= 12.2)
      thor (~> 1.0)
    rainbow (3.1.1)
    rake (13.0.6)
    rb-fsevent (0.11.0)
    rb-inotify (0.10.1)
      ffi (~> 1.0)
    recaptcha (5.9.0)
      json
    regexp_parser (2.3.0)
    representable (3.1.1)
      declarative (< 0.1.0)
      trailblazer-option (>= 0.1.1, < 0.2.0)
      uber (< 0.2.0)
    request_store (1.5.1)
      rack (>= 1.4)
    retriable (3.1.2)
    rexml (3.2.5)
    rolify (5.3.0)
    rotp (6.2.0)
    routing-filter (0.7.0)
      actionpack (>= 6.1)
      activesupport (>= 6.1)
    rspec-activemodel-mocks (1.1.0)
      activemodel (>= 3.0)
      activesupport (>= 3.0)
      rspec-mocks (>= 2.99, < 4.0)
    rspec-core (3.11.0)
      rspec-support (~> 3.11.0)
    rspec-expectations (3.11.0)
      diff-lcs (>= 1.2.0, < 2.0)
      rspec-support (~> 3.11.0)
    rspec-mocks (3.11.0)
      diff-lcs (>= 1.2.0, < 2.0)
      rspec-support (~> 3.11.0)
    rspec-rails (5.1.1)
      actionpack (>= 5.2)
      activesupport (>= 5.2)
      railties (>= 5.2)
      rspec-core (~> 3.10)
      rspec-expectations (~> 3.10)
      rspec-mocks (~> 3.10)
      rspec-support (~> 3.10)
    rspec-support (3.11.0)
    rubocop (1.27.0)
      parallel (~> 1.10)
      parser (>= 3.1.0.0)
      rainbow (>= 2.2.2, < 4.0)
      regexp_parser (>= 1.8, < 3.0)
      rexml
      rubocop-ast (>= 1.16.0, < 2.0)
      ruby-progressbar (~> 1.7)
      unicode-display_width (>= 1.4.0, < 3.0)
    rubocop-ast (1.17.0)
      parser (>= 3.1.1.0)
    rubocop-performance (1.13.3)
      rubocop (>= 1.7.0, < 2.0)
      rubocop-ast (>= 0.4.0)
    rubocop-rails (2.14.2)
      activesupport (>= 4.2.0)
      rack (>= 1.1)
      rubocop (>= 1.7.0, < 2.0)
    ruby-ole (1.2.12.1)
    ruby-progressbar (1.11.0)
    rubyzip (2.3.2)
    sass (3.4.25)
    sass-rails (5.0.8)
      railties (>= 5.2.0)
      sass (~> 3.1)
      sprockets (>= 2.8, < 4.0)
      sprockets-rails (>= 2.0, < 4.0)
      tilt (>= 1.1, < 3)
    secure_headers (6.3.3)
    signet (0.16.0)
      addressable (~> 2.8)
      faraday (>= 0.17.3, < 2.0)
      jwt (>= 1.5, < 3.0)
      multi_json (~> 1.10)
    simplecov (0.17.1)
      docile (~> 1.1)
      json (>= 1.8, < 3)
      simplecov-html (~> 0.10.0)
    simplecov-html (0.10.2)
    simplecov-lcov (0.7.0)
    singleton (0.1.1)
    sprockets (3.7.2)
      concurrent-ruby (~> 1.0)
      rack (> 1, < 3)
    sprockets-rails (3.4.2)
      actionpack (>= 5.2)
      activesupport (>= 5.2)
      sprockets (>= 3.0.0)
    statistics2 (0.54)
    stripe (5.49.0)
    syslog_protocol (0.9.2)
    text (1.3.1)
    thin (1.8.1)
      daemons (~> 1.0, >= 1.0.9)
      eventmachine (~> 1.0, >= 1.0.4)
      rack (>= 1, < 3)
    thor (1.2.1)
    tilt (2.0.10)
    trailblazer-option (0.1.2)
    tzinfo (2.0.4)
      concurrent-ruby (~> 1.0)
    uber (0.1.0)
    uglifier (4.2.0)
      execjs (>= 0.3.0, < 3)
    unicode (0.4.4.4)
    unicode-display_width (2.1.0)
    unidecoder (1.1.2)
    uniform_notifier (1.14.2)
    vpim (13.11.11)
    web-console (4.2.0)
      actionview (>= 6.0.0)
      activemodel (>= 6.0.0)
      bindex (>= 0.4.0)
      railties (>= 6.0.0)
    webmock (3.14.0)
      addressable (>= 2.8.0)
      crack (>= 0.3.2)
      hashdiff (>= 0.4.0, < 2.0.0)
    webrick (1.7.0)
    websocket-driver (0.7.5)
      websocket-extensions (>= 0.1.0)
    websocket-extensions (0.1.5)
    will_paginate (3.3.1)
    xapian-full-alaveteli (1.4.18.1)
    xml-simple (1.1.9)
      rexml
    xpath (3.2.0)
      nokogiri (~> 1.8)
    zeitwerk (2.5.4)
    zip_tricks (5.6.0)

PLATFORMS
  aarch64-linux
  ruby
  x86_64-linux

DEPENDENCIES
  active_model_otp
  activestorage-sftp!
  acts_as_versioned!
  alaveteli_features!
  annotate (< 3.2.1)
  aws-sdk-s3
  azure-storage
  bcrypt (~> 3.1.17)
  bcrypt_pbkdf
  bootstrap-sass (~> 2.3.2.2)
  bullet (~> 7.0.1)
  cancancan (~> 3.3.0)
  capistrano (~> 2.15.0, < 3.0.0)
  capybara (~> 3.35.3)
  charlock_holmes (~> 0.7.7)
  dalli (~> 3.2.1)
  ed25519
  exception_notification (~> 4.5.0)
  factory_bot_rails (~> 6.2.0)
  fancybox-rails (~> 0.3.0)
  fast_gettext (~> 2.2.0)
  fivemat (~> 1.3.7)
  gender_detector (~> 2.0.0)
  gettext (~> 3.4.2)
  gettext_i18n_rails (~> 1.8.1)
  globalize (~> 6.1.0)
  gnuplot (~> 2.6.0)
  google-cloud-storage (~> 1.36)
  holidays (~> 8.5.0)
  htmlentities (~> 4.3.0)
  i18n (~> 1.10.0)
  icalendar (~> 2.7.1)
  iso_country_codes (~> 0.7.8)
  jquery-rails (~> 4.4.0)
  jquery-ui-rails (~> 6.0.0)
  json (~> 2.6.1)
  launchy (< 2.5.0)
  listen (>= 3.0.5, < 3.7.2)
  locale (~> 2.1.3)
  mahoro (~> 0.5)
  mail (~> 2.7.1)
  maxmind-db (~> 1.0.0)
  mime-types (< 3.0.0)
  mini_magick (~> 4.11.0)
  mini_racer (~> 0.6.2)
  money (~> 6.16.0)
  net-ssh (~> 6.1.0)
  net-ssh-gateway (>= 1.1.0, < 3.0.0)
  nokogiri (~> 1.13.4)
  oink (~> 0.10.1)
  open4 (~> 1.3.0)
  pg (~> 1.3.5)
  pry (~> 0.13.0)
  pry-byebug (~> 3.9.0)
  rack (~> 2.2.3)
  rack-utf8_sanitizer (~> 1.7.0)
  rails (~> 6.1.5)
  rails-controller-testing
  rails-i18n (~> 7.0.3)
  recaptcha (~> 5.9.0)
  rolify (~> 5.3.0)
  routing-filter (~> 0.7.0)
  rspec-activemodel-mocks (~> 1.1.0)
  rspec-rails (~> 5.1.1)
  rubocop (~> 1.27.0)
  rubocop-performance
  rubocop-rails
  ruby-msg (~> 1.5.0)!
  rubyzip (~> 2.3.2)
  sass-rails (~> 5.0.8)
  secure_headers (~> 6.3.3)
  simplecov (~> 0.17.1)
  simplecov-lcov (~> 0.7.0)
  statistics2 (~> 0.54)
  strip_attributes!
  stripe (~> 5.49.0)
  stripe-ruby-mock!
  syslog_protocol (~> 0.9.0)
  thin (~> 1.8.1)
  uglifier (~> 4.2.0)
  unicode (~> 0.4.4)
  unidecoder (~> 1.1.0)
  vpim (~> 13.11.11)
  web-console (>= 3.3.0)
  webmock (~> 3.14.0)
  will_paginate (~> 3.3.1)
  xapian-full-alaveteli (~> 1.4.18.1)
  xml-simple (~> 1.1.9)
  zip_tricks (~> 5.6.0)
