GIT
  remote: https://github.com/globalize/globalize.git
  revision: 5fd95f2389dff13c9368fb2e08c96c8a48798c72
  ref: 5fd95f2389dff1
  specs:
    globalize3 (0.3.0)
      activemodel (>= 3.0.0)
      activerecord (>= 3.0.0)
      paper_trail (~> 2)

GIT
  remote: https://github.com/mysociety/ruby-msg.git
  revision: 44526e009d13673ab9ff5a23491c4c6119e2fa79
  specs:
    ruby-msg (1.5.2)
      ruby-ole (>= 1.2.8)
      vpim (>= 0.360)

GIT
  remote: https://github.com/technoweenie/acts_as_versioned.git
  revision: 63b1fc8529d028fae632fe80ec0cb25df56cd76b
  ref: 63b1fc8529d028
  specs:
    acts_as_versioned (0.6.0)
      activerecord (>= 3.0.9)

GEM
  remote: https://rubygems.org/
  specs:
    actionmailer (3.2.21)
      actionpack (= 3.2.21)
      mail (~> 2.5.4)
    actionpack (3.2.21)
      activemodel (= 3.2.21)
      activesupport (= 3.2.21)
      builder (~> 3.0.0)
      erubis (~> 2.7.0)
      journey (~> 1.0.4)
      rack (~> 1.4.5)
      rack-cache (~> 1.2)
      rack-test (~> 0.6.1)
      sprockets (~> 2.2.1)
    activemodel (3.2.21)
      activesupport (= 3.2.21)
      builder (~> 3.0.0)
    activerecord (3.2.21)
      activemodel (= 3.2.21)
      activesupport (= 3.2.21)
      arel (~> 3.0.2)
      tzinfo (~> 0.3.29)
    activeresource (3.2.21)
      activemodel (= 3.2.21)
      activesupport (= 3.2.21)
    activesupport (3.2.21)
      i18n (~> 0.6, >= 0.6.4)
      multi_json (~> 1.0)
    annotate (2.5.0)
      rake
    arel (3.0.3)
    bootstrap-sass (2.3.1.2)
      sass (~> 3.2)
    builder (3.0.4)
    bullet (4.14.6)
      activesupport (>= 3.0.0)
      uniform_notifier (~> 1.9.0)
    capistrano (2.15.4)
      highline
      net-scp (>= 1.0.0)
      net-sftp (>= 2.0.0)
      net-ssh (>= 2.0.14)
      net-ssh-gateway (>= 1.1.0)
    charlock_holmes (0.6.9.4)
    chunky_png (1.3.3)
    coderay (1.1.0)
    coffee-rails (3.2.2)
      coffee-script (>= 2.2.0)
      railties (~> 3.2.0)
    coffee-script (2.2.0)
      coffee-script-source
      execjs
    coffee-script-source (1.6.3)
    colorize (0.5.8)
    columnize (0.3.6)
    compass (0.12.2)
      chunky_png (~> 1.2)
      fssm (>= 0.2.7)
      sass (~> 3.1)
    compass-rails (2.0.0)
      compass (>= 0.12.2)
    coveralls (0.6.7)
      colorize
      multi_json (~> 1.3)
      rest-client
      simplecov (>= 0.7)
      thor
    daemons (1.1.9)
    debugger (1.6.0)
      columnize (>= 0.3.1)
      debugger-linecache (~> 1.2.0)
      debugger-ruby_core_source (~> 1.2.1)
    debugger-linecache (1.2.0)
    debugger-ruby_core_source (1.2.2)
    diff-lcs (1.2.5)
    dynamic_form (1.1.4)
    erubis (2.7.0)
    eventmachine (1.0.7)
    exception_notification (3.0.1)
      actionmailer (>= 3.0.4)
      activesupport (>= 3.0.4)
    execjs (2.0.1)
    factory_girl (2.6.4)
      activesupport (>= 2.3.9)
    factory_girl_rails (1.7.0)
      factory_girl (~> 2.6.0)
      railties (>= 3.0.0)
    fakeweb (1.3.0)
    fancybox-rails (0.2.1)
      railties (>= 3.1.0)
    fast_gettext (0.7.0)
    foundation-rails (5.2.1.0)
      railties (>= 3.1.0)
      sass (>= 3.2.0)
    fssm (0.2.10)
    gettext (2.3.9)
      locale
      text
    gettext_i18n_rails (0.9.4)
      fast_gettext (>= 0.4.8)
    haml (4.0.3)
      tilt
    highline (1.6.19)
    hike (1.2.3)
    holidays (1.2.0)
    i18n (0.6.11)
    icalendar (1.4.3)
    iso_country_codes (0.6.1)
    journey (1.0.4)
    jquery-rails (3.1.3)
      railties (>= 3.0, < 5.0)
      thor (>= 0.14, < 2.0)
    jquery-ui-rails (4.1.0)
      railties (>= 3.1.0)
    json (1.8.2)
    libv8 (3.16.14.3)
    linecache (0.46)
      rbx-require-relative (> 0.0.4)
    locale (2.0.8)
    mahoro (0.4)
    mail (2.5.4)
      mime-types (~> 1.16)
      treetop (~> 1.4.8)
    mailcatcher (0.5.11)
      activesupport (~> 3.0)
      eventmachine (~> 1.0.0)
      haml (>= 3.1, < 5)
      mail (~> 2.3)
      sinatra (~> 1.2)
      skinny (~> 0.2.3)
      sqlite3 (~> 1.3)
      thin (~> 1.5.0)
    memcache-client (1.8.5)
    method_source (0.8.2)
    mime-types (1.25.1)
    multi_json (1.10.1)
    net-http-local (0.1.2)
    net-purge (0.1.0)
    net-scp (1.1.1)
      net-ssh (>= 2.6.5)
    net-sftp (2.1.2)
      net-ssh (>= 2.6.5)
    net-ssh (2.6.7)
    net-ssh-gateway (1.2.0)
      net-ssh (>= 2.6.5)
    newrelic_rpm (3.12.1.298)
    nokogiri (1.5.9)
    open4 (1.3.4)
    paper_trail (2.7.2)
      activerecord (~> 3.0)
      railties (~> 3.0)
    pg (0.17.1)
    polyglot (0.3.5)
    pry (0.9.12.6)
      coderay (~> 1.0)
      method_source (~> 0.8)
      slop (~> 3.4)
    quiet_assets (1.0.2)
      railties (>= 3.1, < 5.0)
    rack (1.4.6)
    rack-cache (1.2)
      rack (>= 0.4)
    rack-protection (1.5.0)
      rack
    rack-ssl (1.3.4)
      rack
    rack-test (0.6.2)
      rack (>= 1.0)
    rack-utf8_sanitizer (1.3.0)
      rack (~> 1.0)
    rails (3.2.21)
      actionmailer (= 3.2.21)
      actionpack (= 3.2.21)
      activerecord (= 3.2.21)
      activeresource (= 3.2.21)
      activesupport (= 3.2.21)
      bundler (~> 1.0)
      railties (= 3.2.21)
    rails-i18n (0.7.3)
      i18n (~> 0.5)
    railties (3.2.21)
      actionpack (= 3.2.21)
      activesupport (= 3.2.21)
      rack-ssl (~> 1.3.2)
      rake (>= 0.8.7)
      rdoc (~> 3.4)
      thor (>= 0.14.6, < 2.0)
    rake (0.9.2.2)
    rbx-require-relative (0.0.9)
    rdoc (3.12.2)
      json (~> 1.4)
    recaptcha (0.3.6)
    ref (1.0.5)
    rest-client (1.6.7)
      mime-types (>= 1.16)
    rmagick (2.14.0)
    routing-filter (0.3.1)
      actionpack
    rspec-activemodel-mocks (1.0.1)
      activemodel (>= 3.0)
      activesupport (>= 3.0)
      rspec-mocks (>= 2.99, < 4.0)
    rspec-collection_matchers (1.1.2)
      rspec-expectations (>= 2.99.0.beta1)
    rspec-core (2.99.2)
    rspec-expectations (2.99.2)
      diff-lcs (>= 1.1.3, < 2.0)
    rspec-mocks (2.99.4)
    rspec-rails (2.99.0)
      actionpack (>= 3.0)
      activemodel (>= 3.0)
      activesupport (>= 3.0)
      railties (>= 3.0)
      rspec-collection_matchers
      rspec-core (~> 2.99.0)
      rspec-expectations (~> 2.99.0)
      rspec-mocks (~> 2.99.0)
    ruby-debug (0.10.4)
      columnize (>= 0.1)
      ruby-debug-base (~> 0.10.4.0)
    ruby-debug-base (0.10.4)
      linecache (>= 0.3)
    ruby-ole (1.2.11.8)
    sass (3.2.10)
    sass-rails (3.2.6)
      railties (~> 3.2.0)
      sass (>= 3.1.10)
      tilt (~> 1.3)
    secure_headers (2.0.2)
    simplecov (0.7.1)
      multi_json (~> 1.0)
      simplecov-html (~> 0.7.1)
    simplecov-html (0.7.1)
    sinatra (1.3.3)
      rack (~> 1.3, >= 1.3.6)
      rack-protection (~> 1.2)
      tilt (~> 1.3, >= 1.3.3)
    skinny (0.2.3)
      eventmachine (~> 1.0.0)
      thin (~> 1.5.0)
    slop (3.6.0)
    spork (1.0.0rc3)
    spork-rails (3.2.1)
      rails (>= 3.0.0, < 3.3.0)
      spork (>= 1.0rc0)
    sprockets (2.2.3)
      hike (~> 1.2)
      multi_json (~> 1.0)
      rack (~> 1.0)
      tilt (~> 1.1, != 1.3.0)
    sqlite3 (1.3.10)
    statistics2 (0.54)
    syslog_protocol (0.9.2)
    text (1.2.1)
    therubyracer (0.12.0)
      libv8 (~> 3.16.14.0)
      ref
    thin (1.5.1)
      daemons (>= 1.0.9)
      eventmachine (>= 0.12.6)
      rack (>= 1.0.0)
    thor (0.19.1)
    tilt (1.4.1)
    treetop (1.4.15)
      polyglot
      polyglot (>= 0.3.1)
    tzinfo (0.3.42)
    uglifier (2.2.1)
      execjs (>= 0.3.0)
      multi_json (~> 1.0, >= 1.0.2)
    unicode (0.4.4)
    unidecoder (1.1.2)
    uniform_notifier (1.9.0)
    vpim (13.11.11)
    webrat (0.7.3)
      nokogiri (>= 1.2.0)
      rack (>= 1.0)
      rack-test (>= 0.5.3)
    will_paginate (3.0.5)
    xapian-full-alaveteli (1.2.21.1)
    xml-simple (1.1.2)
    zip (2.0.2)

PLATFORMS
  ruby

DEPENDENCIES
  acts_as_versioned!
  annotate (~> 2.5.0)
  bootstrap-sass (~> 2.3.1.2)
  bullet (~> 4.14.6)
  capistrano (~> 2.15.4)
  charlock_holmes (~> 0.6.9.4)
  coffee-rails (~> 3.2.1)
  compass-rails (= 2.0.0)
  coveralls
  debugger (~> 1.6.0)
  dynamic_form (~> 1.1.4)
  exception_notification (~> 3.0.1)
  factory_girl_rails (~> 1.7)
  fakeweb (~> 1.3.0)
  fancybox-rails (~> 0.2.1)
  fast_gettext (~> 0.7.0)
  foundation-rails (~> 5.2.1.0)
  gettext (~> 2.3.9)
  gettext_i18n_rails (~> 0.9.4)
  globalize3!
  holidays (~> 1.2.0)
  icalendar (= 1.4.3)
  iso_country_codes (~> 0.6.1)
  jquery-rails (~> 3.1.3)
  jquery-ui-rails (~> 4.1.0)
  json (~> 1.8.1)
  locale (~> 2.0.8)
  mahoro (~> 0.4)
  mailcatcher (~> 0.5.11)
  memcache-client (~> 1.8.5)
  net-http-local (~> 0.1.2)
  net-purge (~> 0.1.0)
  newrelic_rpm
  nokogiri (~> 1.5.9)
  open4 (~> 1.3.4)
  pg (~> 0.17.1)
  pry (~> 0.9.6)
  quiet_assets (~> 1.0.2)
  rack (~> 1.4.6)
  rack-utf8_sanitizer (~> 1.3.0)
  rails (= 3.2.21)
  rails-i18n (~> 0.7.3)
  rake (= 0.9.2.2)
  rdoc (~> 3.12.2)
  recaptcha (~> 0.3.1)
  rmagick (~> 2.14.0)
  routing-filter (~> 0.3.1)
  rspec-activemodel-mocks (~> 1.0.1)
  rspec-rails (~> 2.99.0)
  ruby-debug (~> 0.10.4)
  ruby-msg (~> 1.5.0)!
  sass-rails (~> 3.2.3)
  secure_headers (~> 2.0.2)
  spork-rails (~> 3.2.1)
  statistics2 (~> 0.54)
  syslog_protocol (~> 0.9.2)
  therubyracer (~> 0.12.0)
  thin (~> 1.5.1)
  uglifier (>= 1.0.3)
  unicode (~> 0.4.4)
  unidecoder (~> 1.1.2)
  vpim (~> 13.11.11)
  webrat (~> 0.7.3)
  will_paginate (~> 3.0.5)
  xapian-full-alaveteli (~> 1.2.21.1)
  xml-simple (~> 1.1.2)
  zip (~> 2.0.2)
