GIT
  remote: https://github.com/garethrees/mail
  revision: dc8832fb7ead2651b19f4b30971ecc756b553da2
  ref: dc8832f
  specs:
    mail (2.6.5.edge)
      mime-types (>= 1.16, < 4)

GIT
  remote: https://github.com/heapsource/active_model_otp.git
  revision: c342283fe564bfe03d1798cb025ab80ff4e93451
  ref: c342283fe564bf
  specs:
    active_model_otp (1.2.0)
      activemodel
      rotp

GIT
  remote: https://github.com/mysociety/ruby-msg.git
  revision: fae72e547299ab1f8b23239a79f5a1d353426b40
  branch: ascii-encoding
  specs:
    ruby-msg (1.5.2)
      ruby-ole (>= 1.2.8)
      vpim (>= 0.360)

GIT
  remote: https://github.com/mysociety/strip_attributes.git
  revision: ce9e1f477bc9324074f6fbf1d3c3bb33305abb0d
  branch: globalize3
  specs:
    strip_attributes (1.7.0)
      activemodel (>= 3.0, < 5.0)

GIT
  remote: https://github.com/technoweenie/acts_as_versioned.git
  revision: 63b1fc8529d028fae632fe80ec0cb25df56cd76b
  ref: 63b1fc8529d028
  specs:
    acts_as_versioned (0.6.0)
      activerecord (>= 3.0.9)

PATH
  remote: gems/alaveteli_features
  specs:
    alaveteli_features (0.0.1)
      flipper
      flipper-active_record
      mime-types (< 3.0.0)
      rails (~> 4.0.13)

GEM
  remote: https://rubygems.org/
  specs:
    actionmailer (4.0.13)
      actionpack (= 4.0.13)
      mail (~> 2.5, >= 2.5.4)
    actionpack (4.0.13)
      activesupport (= 4.0.13)
      builder (~> 3.1.0)
      erubis (~> 2.7.0)
      rack (~> 1.5.2)
      rack-test (~> 0.6.2)
    activemodel (4.0.13)
      activesupport (= 4.0.13)
      builder (~> 3.1.0)
    activerecord (4.0.13)
      activemodel (= 4.0.13)
      activerecord-deprecated_finders (~> 1.0.2)
      activesupport (= 4.0.13)
      arel (~> 4.0.0)
    activerecord-deprecated_finders (1.0.4)
    activesupport (4.0.13)
      i18n (~> 0.6, >= 0.6.9)
      minitest (~> 4.2)
      multi_json (~> 1.3)
      thread_safe (~> 0.1)
      tzinfo (~> 0.3.37)
    addressable (2.4.0)
    annotate (2.7.1)
      activerecord (>= 3.2, < 6.0)
      rake (>= 10.4, < 12.0)
    arel (4.0.2)
    better_errors (2.1.1)
      coderay (>= 1.0.0)
      erubis (>= 2.6.6)
      rack (>= 0.9.0)
    binding_of_caller (0.7.2)
      debug_inspector (>= 0.0.1)
    bootstrap-sass (2.3.2.2)
      sass (~> 3.2)
    builder (3.1.4)
    bullet (5.1.1)
      activesupport (>= 3.0.0)
      uniform_notifier (~> 1.10.0)
    capistrano (2.15.9)
      highline
      net-scp (>= 1.0.0)
      net-sftp (>= 2.0.0)
      net-ssh (>= 2.0.14)
      net-ssh-gateway (>= 1.1.0)
    capybara (2.7.1)
      addressable
      mime-types (>= 1.16)
      nokogiri (>= 1.3.3)
      rack (>= 1.0.0)
      rack-test (>= 0.5.4)
      xpath (~> 2.0)
    charlock_holmes (0.7.3)
    chronic (0.10.2)
    chunky_png (1.3.6)
    coderay (1.1.1)
    coffee-rails (4.0.1)
      coffee-script (>= 2.2.0)
      railties (>= 4.0.0, < 5.0)
    coffee-script (2.4.1)
      coffee-script-source
      execjs
    coffee-script-source (1.10.0)
    columnize (0.9.0)
    compass (1.0.3)
      chunky_png (~> 1.2)
      compass-core (~> 1.0.2)
      compass-import-once (~> 1.0.5)
      rb-fsevent (>= 0.9.3)
      rb-inotify (>= 0.9)
      sass (>= 3.3.13, < 3.5)
    compass-core (1.0.3)
      multi_json (~> 1.0)
      sass (>= 3.3.0, < 3.5)
    compass-import-once (1.0.5)
      sass (>= 3.2, < 3.5)
    compass-rails (3.0.2)
      compass (~> 1.0.0)
      sass-rails (< 5.1)
      sprockets (< 4.0)
    concurrent-ruby (1.0.2)
    coveralls (0.8.14)
      json (>= 1.8, < 3)
      simplecov (~> 0.12.0)
      term-ansicolor (~> 1.3)
      thor (~> 0.19.1)
      tins (~> 1.6.0)
    daemons (1.2.3)
    dalli (2.7.6)
    debug_inspector (0.0.2)
    debugger (1.6.8)
      columnize (>= 0.3.1)
      debugger-linecache (~> 1.2.0)
      debugger-ruby_core_source (~> 1.3.5)
    debugger-linecache (1.2.0)
    debugger-ruby_core_source (1.3.8)
    delorean (2.1.0)
      chronic
    diff-lcs (1.2.5)
    docile (1.1.5)
    dynamic_form (1.1.4)
    erubis (2.7.0)
    eventmachine (1.0.9.1)
    exception_notification (4.0.1)
      actionmailer (>= 3.0.4)
      activesupport (>= 3.0.4)
    execjs (2.7.0)
    factory_girl (4.7.0)
      activesupport (>= 3.0.0)
    factory_girl_rails (4.7.0)
      factory_girl (~> 4.7.0)
      railties (>= 3.0.0)
    fakeweb (1.3.0)
    fancybox-rails (0.3.1)
      railties (>= 3.1.0)
    fast_gettext (1.1.0)
    ffi (1.9.14)
    flipper (0.9.2)
    flipper-active_record (0.9.2)
      activerecord (>= 3.2, < 6)
      flipper (~> 0.9.2)
    foundation-rails (5.5.3.2)
      railties (>= 3.1.0)
      sass (>= 3.3.0, < 3.5)
    geoip (1.6.1)
    gettext (2.3.9)
      locale
      text
    gettext_i18n_rails (0.9.4)
      fast_gettext (>= 0.4.8)
    globalize (4.0.3)
      activemodel (>= 4.0.0, < 5)
      activerecord (>= 4.0.0, < 5)
    gnuplot (2.6.2)
    highline (1.7.8)
    holidays (2.2.0)
    htmlentities (4.3.4)
    i18n (0.7.0)
    icalendar (2.3.0)
    iso_country_codes (0.7.5)
    jquery-rails (3.1.4)
      railties (>= 3.0, < 5.0)
      thor (>= 0.14, < 2.0)
    jquery-ui-rails (5.0.5)
      railties (>= 3.2.16)
    json (1.8.3)
    launchy (2.4.3)
      addressable (~> 2.3)
    libv8 (3.16.14.15)
    locale (2.0.9)
    mahoro (0.4)
    mailcatcher (0.6.4)
      activesupport (~> 4.0)
      eventmachine (= 1.0.9.1)
      mail (~> 2.3)
      rack (~> 1.5)
      sinatra (~> 1.2)
      skinny (~> 0.2.3)
      sqlite3 (~> 1.3)
      thin (~> 1.5.0)
    method_source (0.8.2)
    mime-types (2.99.2)
    mini_portile2 (2.1.0)
    minitest (4.7.5)
    multi_json (1.12.1)
    net-http-local (0.1.2)
    net-purge (0.1.0)
    net-scp (1.2.1)
      net-ssh (>= 2.6.5)
    net-sftp (2.1.2)
      net-ssh (>= 2.6.5)
    net-ssh (2.9.4)
    net-ssh-gateway (1.2.0)
      net-ssh (>= 2.6.5)
    newrelic_rpm (3.16.0.318)
    nokogiri (1.6.8)
      mini_portile2 (~> 2.1.0)
      pkg-config (~> 1.1.7)
    open4 (1.3.4)
    pg (0.18.4)
    pkg-config (1.1.7)
    power_assert (0.3.0)
    pry (0.10.4)
      coderay (~> 1.1.0)
      method_source (~> 0.8.1)
      slop (~> 3.4)
    pry-debugger (0.2.3)
      debugger (~> 1.3)
      pry (>= 0.9.10, < 0.11.0)
    quiet_assets (1.1.0)
      railties (>= 3.1, < 5.0)
    rack (1.5.5)
    rack-protection (1.5.3)
      rack
    rack-ssl (1.3.4)
      rack
    rack-test (0.6.3)
      rack (>= 1.0)
    rack-utf8_sanitizer (1.3.2)
      rack (>= 1.0, < 3.0)
    rails (4.0.13)
      actionmailer (= 4.0.13)
      actionpack (= 4.0.13)
      activerecord (= 4.0.13)
      activesupport (= 4.0.13)
      bundler (>= 1.3.0, < 2.0)
      railties (= 4.0.13)
      sprockets-rails (~> 2.0)
    rails-i18n (4.0.9)
      i18n (~> 0.7)
      railties (~> 4.0)
    railties (4.0.13)
      actionpack (= 4.0.13)
      activesupport (= 4.0.13)
      rake (>= 0.8.7)
      thor (>= 0.18.1, < 2.0)
    rake (11.2.2)
    rb-fsevent (0.9.7)
    rb-inotify (0.9.7)
      ffi (>= 0.5.0)
    rdoc (3.12.2)
      json (~> 1.4)
    recaptcha (0.4.0)
    ref (2.0.0)
    rmagick (2.15.4)
    rotp (3.1.0)
    routing-filter (0.4.0.1)
      actionpack (< 4.2)
    rspec-activemodel-mocks (1.0.3)
      activemodel (>= 3.0)
      activesupport (>= 3.0)
      rspec-mocks (>= 2.99, < 4.0)
    rspec-core (3.4.4)
      rspec-support (~> 3.4.0)
    rspec-expectations (3.4.0)
      diff-lcs (>= 1.2.0, < 2.0)
      rspec-support (~> 3.4.0)
    rspec-mocks (3.4.1)
      diff-lcs (>= 1.2.0, < 2.0)
      rspec-support (~> 3.4.0)
    rspec-rails (3.4.2)
      actionpack (>= 3.0, < 4.3)
      activesupport (>= 3.0, < 4.3)
      railties (>= 3.0, < 4.3)
      rspec-core (~> 3.4.0)
      rspec-expectations (~> 3.4.0)
      rspec-mocks (~> 3.4.0)
      rspec-support (~> 3.4.0)
    rspec-support (3.4.1)
    ruby-ole (1.2.12)
    sass (3.4.21)
    sass-rails (5.0.6)
      railties (>= 4.0.0, < 6)
      sass (~> 3.1)
      sprockets (>= 2.8, < 4.0)
      sprockets-rails (>= 2.0, < 4.0)
      tilt (>= 1.1, < 3)
    secure_headers (3.1.2)
      useragent
    simplecov (0.12.0)
      docile (~> 1.1.0)
      json (>= 1.8, < 3)
      simplecov-html (~> 0.10.0)
    simplecov-html (0.10.0)
    sinatra (1.4.7)
      rack (~> 1.5)
      rack-protection (~> 1.4)
      tilt (>= 1.3, < 3)
    skinny (0.2.4)
      eventmachine (~> 1.0.0)
      thin (>= 1.5, < 1.7)
    slop (3.6.0)
    sprockets (3.7.0)
      concurrent-ruby (~> 1.0)
      rack (> 1, < 3)
    sprockets-rails (2.3.3)
      actionpack (>= 3.0)
      activesupport (>= 3.0)
      sprockets (>= 2.8, < 4.0)
    sqlite3 (1.3.11)
    statistics2 (0.54)
    syslog_protocol (0.9.2)
    term-ansicolor (1.3.2)
      tins (~> 1.0)
    test-unit (3.1.9)
      power_assert
    text (1.3.1)
    therubyracer (0.12.2)
      libv8 (~> 3.16.14.0)
      ref
    thin (1.5.1)
      daemons (>= 1.0.9)
      eventmachine (>= 0.12.6)
      rack (>= 1.0.0)
    thor (0.19.1)
    thread_safe (0.3.5)
    tilt (2.0.5)
    tins (1.6.0)
    tzinfo (0.3.51)
    uglifier (2.7.2)
      execjs (>= 0.3.0)
      json (>= 1.8.0)
    unicode (0.4.4.2)
    unidecoder (1.1.2)
    uniform_notifier (1.10.0)
    useragent (0.16.7)
    vpim (13.11.11)
    will_paginate (3.1.0)
    xapian-full-alaveteli (1.2.21.1)
    xml-simple (1.1.5)
    xpath (2.0.0)
      nokogiri (~> 1.3)
    zip (2.0.2)

PLATFORMS
  ruby

DEPENDENCIES
  active_model_otp!
  acts_as_versioned!
  alaveteli_features!
  annotate (~> 2.7.1)
  bootstrap-sass (~> 2.3.2.2)
  bullet (~> 5.1.0)
  capistrano (~> 2.15.9)
  capybara (~> 2.7.0)
  charlock_holmes (~> 0.7.3)
  coffee-rails (~> 4.0.1)
  compass-rails (= 3.0.2)
  coveralls
  dalli (~> 2.7.6)
  delorean (~> 2.1.0)
  dynamic_form (~> 1.1.4)
  exception_notification (= 4.0.1)
  factory_girl_rails (~> 4.7.0)
  fakeweb (~> 1.3.0)
  fancybox-rails (~> 0.3.1)
  foundation-rails (~> 5.5.3.2)
  geoip (~> 1.6.1)
  gettext (~> 2.3.9)
  gettext_i18n_rails (~> 0.9.4)
  globalize (~> 4.0.3)
  gnuplot (= 2.6.2)
  holidays (~> 2.2.0)
  htmlentities (~> 4.3.4)
  icalendar (= 2.3.0)
  iso_country_codes (~> 0.7.3)
  jquery-rails (~> 3.1.4)
  jquery-ui-rails (~> 5.0.0)
  json (~> 1.8.1)
  launchy (~> 2.4.3)
  locale (~> 2.0.8)
  mahoro (~> 0.4)
  mail!
  mailcatcher (~> 0.6.4)
  mime-types (< 3.0.0)
  net-http-local (~> 0.1.2)
  net-purge (~> 0.1.0)
  net-ssh (< 3.0.0)
  newrelic_rpm
  nokogiri (~> 1.6)
  open4 (~> 1.3.4)
  pg (~> 0.18.4)
  pry-debugger (~> 0.2.3)
  quiet_assets (~> 1.1.0)
  rack (~> 1.5.5)
  rack-ssl (~> 1.3.2)
  rack-utf8_sanitizer (~> 1.3.0)
  rails (= 4.0.13)
  rails-i18n (~> 4.0.9)
  rdoc (~> 3.12.2)
  recaptcha (~> 0.4.0)
  rmagick (~> 2.15.0)
  routing-filter (~> 0.4.0)
  rspec-activemodel-mocks (~> 1.0.1)
  rspec-rails (~> 3.4.0)
  ruby-msg (~> 1.5.0)!
  sass (= 3.4.21)
  sass-rails (~> 5.0.5)
  secure_headers (~> 3.1.2)
  statistics2 (~> 0.54)
  strip_attributes!
  syslog_protocol (~> 0.9.2)
  test-unit (~> 3.1.0)
  therubyracer (~> 0.12.2)
  thin (~> 1.5.1)
  uglifier (~> 2.7.2)
  unicode (~> 0.4.4)
  unidecoder (~> 1.1.2)
  vpim (~> 13.11.11)
  will_paginate (~> 3.1.0)
  xapian-full-alaveteli (~> 1.2.21.1)
  xml-simple (~> 1.1.2)
  zip (~> 2.0.2)
