GIT
  remote: https://github.com/gbp/stripe-ruby-mock
  revision: a9bc69707925dc7e7d091d02939791bd87e7ba98
  branch: develop
  specs:
    stripe-ruby-mock (2.5.6)
      dante (>= 0.2.0)
      multi_json (~> 1.0)
      stripe (>= 2.0.3)

GIT
  remote: https://github.com/heapsource/active_model_otp.git
  revision: 55d93a3979907d8382c83c9b0f3e94e3186167fc
  ref: 55d93a3979
  specs:
    active_model_otp (1.2.0)
      activemodel
      rotp

GIT
  remote: https://github.com/mysociety/ruby-msg.git
  revision: fae72e547299ab1f8b23239a79f5a1d353426b40
  branch: ascii-encoding
  specs:
    ruby-msg (1.5.2)
      ruby-ole (>= 1.2.8)
      vpim (>= 0.360)

GIT
  remote: https://github.com/mysociety/strip_attributes.git
  revision: 62a5e1ee26501ad4c111b855cd73a5653091300b
  branch: globalize3-rails5.2
  specs:
    strip_attributes (1.11.0)
      activemodel (>= 3.0, < 7.0)

GIT
  remote: https://github.com/technoweenie/acts_as_versioned.git
  revision: 63b1fc8529d028fae632fe80ec0cb25df56cd76b
  ref: 63b1fc8529d028
  specs:
    acts_as_versioned (0.6.0)
      activerecord (>= 3.0.9)

PATH
  remote: gems/alaveteli_features
  specs:
    alaveteli_features (0.0.1)
      flipper (~> 0.10)
      flipper-active_record (~> 0.10)
      mime-types (< 3.0.0)
      rails (~> 5.2.4)

GEM
  remote: https://rubygems.org/
  specs:
    actioncable (5.2.4.3)
      actionpack (= 5.2.4.3)
      nio4r (~> 2.0)
      websocket-driver (>= 0.6.1)
    actionmailer (5.2.4.3)
      actionpack (= 5.2.4.3)
      actionview (= 5.2.4.3)
      activejob (= 5.2.4.3)
      mail (~> 2.5, >= 2.5.4)
      rails-dom-testing (~> 2.0)
    actionpack (5.2.4.3)
      actionview (= 5.2.4.3)
      activesupport (= 5.2.4.3)
      rack (~> 2.0, >= 2.0.8)
      rack-test (>= 0.6.3)
      rails-dom-testing (~> 2.0)
      rails-html-sanitizer (~> 1.0, >= 1.0.2)
    actionview (5.2.4.3)
      activesupport (= 5.2.4.3)
      builder (~> 3.1)
      erubi (~> 1.4)
      rails-dom-testing (~> 2.0)
      rails-html-sanitizer (~> 1.0, >= 1.0.3)
    activejob (5.2.4.3)
      activesupport (= 5.2.4.3)
      globalid (>= 0.3.6)
    activemodel (5.2.4.3)
      activesupport (= 5.2.4.3)
    activerecord (5.2.4.3)
      activemodel (= 5.2.4.3)
      activesupport (= 5.2.4.3)
      arel (>= 9.0)
    activestorage (5.2.4.3)
      actionpack (= 5.2.4.3)
      activerecord (= 5.2.4.3)
      marcel (~> 0.3.1)
    activesupport (5.2.4.3)
      concurrent-ruby (~> 1.0, >= 1.0.2)
      i18n (>= 0.7, < 2)
      minitest (~> 5.1)
      tzinfo (~> 1.1)
    addressable (2.7.0)
      public_suffix (>= 2.0.2, < 5.0)
    annotate (2.7.2)
      activerecord (>= 3.2, < 6.0)
      rake (>= 10.4, < 13.0)
    arel (9.0.0)
    ast (2.4.0)
    bcrypt (3.1.13)
    bindex (0.7.0)
    bootstrap-sass (2.3.2.2)
      sass (~> 3.2)
    builder (3.2.4)
    bullet (6.1.0)
      activesupport (>= 3.0.0)
      uniform_notifier (~> 1.11)
    byebug (11.0.1)
    cancancan (3.1.0)
    capistrano (2.15.9)
      highline
      net-scp (>= 1.0.0)
      net-sftp (>= 2.0.0)
      net-ssh (>= 2.0.14)
      net-ssh-gateway (>= 1.1.0)
    capybara (3.5.1)
      addressable
      mini_mime (>= 0.1.3)
      nokogiri (~> 1.8)
      rack (>= 1.6.0)
      rack-test (>= 0.6.3)
      xpath (~> 3.1)
    charlock_holmes (0.7.7)
    chronic (0.10.2)
    coderay (1.1.2)
    concurrent-ruby (1.1.6)
    coveralls (0.8.23)
      json (>= 1.8, < 3)
      simplecov (~> 0.16.1)
      term-ansicolor (~> 1.3)
      thor (>= 0.19.4, < 2.0)
      tins (~> 1.6)
    crack (0.4.3)
      safe_yaml (~> 1.0.0)
    crass (1.0.6)
    daemons (1.3.1)
    dalli (2.7.10)
    dante (0.2.0)
    delorean (2.1.0)
      chronic
    diff-lcs (1.4.2)
    docile (1.3.2)
    dynamic_form (1.1.4)
    erubi (1.9.0)
    eventmachine (1.2.7)
    exception_notification (4.4.3)
      actionmailer (>= 4.0, < 7)
      activesupport (>= 4.0, < 7)
    execjs (2.7.0)
    factory_bot (5.1.1)
      activesupport (>= 4.2.0)
    factory_bot_rails (5.1.1)
      factory_bot (~> 5.1.0)
      railties (>= 4.2.0)
    fancybox-rails (0.3.1)
      railties (>= 3.1.0)
    faraday (0.15.4)
      multipart-post (>= 1.2, < 3)
    fast_gettext (2.0.2)
    ffi (1.13.0)
    flipper (0.17.2)
    flipper-active_record (0.17.2)
      activerecord (>= 4.2, < 7)
      flipper (~> 0.17.2)
    gender_detector (2.0.0)
    gettext (3.2.9)
      locale (>= 2.0.5)
      text (>= 1.3.0)
    gettext_i18n_rails (1.8.1)
      fast_gettext (>= 0.9.0)
    globalid (0.4.2)
      activesupport (>= 4.2.0)
    globalize (5.2.0)
      activemodel (>= 4.2, < 5.3)
      activerecord (>= 4.2, < 5.3)
      request_store (~> 1.0)
    gnuplot (2.6.2)
    hashdiff (1.0.1)
    highline (2.0.0)
    hodel_3000_compliant_logger (0.1.1)
    holidays (4.7.0)
    htmlentities (4.3.4)
    i18n (0.9.1)
      concurrent-ruby (~> 1.0)
    icalendar (2.4.1)
    iso_country_codes (0.7.8)
    jaro_winkler (1.5.2)
    jquery-rails (4.4.0)
      rails-dom-testing (>= 1, < 3)
      railties (>= 4.2.0)
      thor (>= 0.14, < 2.0)
    jquery-ui-rails (6.0.1)
      railties (>= 3.2.16)
    json (2.3.1)
    launchy (2.4.3)
      addressable (~> 2.3)
    libv8 (3.16.14.19)
    listen (3.1.5)
      rb-fsevent (~> 0.9, >= 0.9.4)
      rb-inotify (~> 0.9, >= 0.9.7)
      ruby_dep (~> 1.2)
    locale (2.1.3)
    loofah (2.6.0)
      crass (~> 1.0.2)
      nokogiri (>= 1.5.9)
    mahoro (0.5)
    mail (2.6.6)
      mime-types (>= 1.16, < 4)
    marcel (0.3.3)
      mimemagic (~> 0.3.2)
    maxmind-db (1.0.0)
    method_source (0.9.2)
    mime-types (2.99.3)
    mimemagic (0.3.5)
    mini_magick (4.10.1)
    mini_mime (1.0.1)
    mini_portile2 (2.4.0)
    minitest (5.14.1)
    money (6.13.8)
      i18n (>= 0.6.4, <= 2)
    multi_json (1.13.1)
    multipart-post (2.1.1)
    net-scp (1.2.1)
      net-ssh (>= 2.6.5)
    net-sftp (2.1.2)
      net-ssh (>= 2.6.5)
    net-ssh (2.9.4)
    net-ssh-gateway (1.3.0)
      net-ssh (>= 2.6.5)
    nio4r (2.5.2)
    nokogiri (1.10.10)
      mini_portile2 (~> 2.4.0)
    oink (0.10.1)
      activerecord
      hodel_3000_compliant_logger
    open4 (1.3.4)
    parallel (1.13.0)
    parser (2.6.0.0)
      ast (~> 2.4.0)
    pg (1.2.3)
    powerpack (0.1.2)
    pry (0.12.2)
      coderay (~> 1.1.0)
      method_source (~> 0.9.0)
    pry-byebug (3.7.0)
      byebug (~> 11.0)
      pry (~> 0.10)
    public_suffix (2.0.5)
    rack (2.2.3)
    rack-ssl (1.4.1)
      rack
    rack-test (1.1.0)
      rack (>= 1.0, < 3)
    rack-utf8_sanitizer (1.7.0)
      rack (>= 1.0, < 3.0)
    rails (5.2.4.3)
      actioncable (= 5.2.4.3)
      actionmailer (= 5.2.4.3)
      actionpack (= 5.2.4.3)
      actionview (= 5.2.4.3)
      activejob (= 5.2.4.3)
      activemodel (= 5.2.4.3)
      activerecord (= 5.2.4.3)
      activestorage (= 5.2.4.3)
      activesupport (= 5.2.4.3)
      bundler (>= 1.3.0)
      railties (= 5.2.4.3)
      sprockets-rails (>= 2.0.0)
    rails-controller-testing (1.0.5)
      actionpack (>= 5.0.1.rc1)
      actionview (>= 5.0.1.rc1)
      activesupport (>= 5.0.1.rc1)
    rails-dom-testing (2.0.3)
      activesupport (>= 4.2.0)
      nokogiri (>= 1.6)
    rails-html-sanitizer (1.3.0)
      loofah (~> 2.3)
    rails-i18n (5.1.3)
      i18n (>= 0.7, < 2)
      railties (>= 5.0, < 6)
    railties (5.2.4.3)
      actionpack (= 5.2.4.3)
      activesupport (= 5.2.4.3)
      method_source
      rake (>= 0.8.7)
      thor (>= 0.19.0, < 2.0)
    rainbow (3.0.0)
    rake (12.3.3)
    rb-fsevent (0.10.4)
    rb-inotify (0.10.1)
      ffi (~> 1.0)
    recaptcha (4.9.0)
      json
    ref (2.0.0)
    request_store (1.4.1)
      rack (>= 1.4)
    rolify (5.3.0)
    rotp (3.3.0)
    routing-filter (0.6.3)
      actionpack (>= 4.2)
      activesupport (>= 4.2)
    rspec-activemodel-mocks (1.1.0)
      activemodel (>= 3.0)
      activesupport (>= 3.0)
      rspec-mocks (>= 2.99, < 4.0)
    rspec-core (3.9.2)
      rspec-support (~> 3.9.3)
    rspec-expectations (3.9.2)
      diff-lcs (>= 1.2.0, < 2.0)
      rspec-support (~> 3.9.0)
    rspec-mocks (3.9.1)
      diff-lcs (>= 1.2.0, < 2.0)
      rspec-support (~> 3.9.0)
    rspec-rails (4.0.1)
      actionpack (>= 4.2)
      activesupport (>= 4.2)
      railties (>= 4.2)
      rspec-core (~> 3.9)
      rspec-expectations (~> 3.9)
      rspec-mocks (~> 3.9)
      rspec-support (~> 3.9)
    rspec-support (3.9.3)
    rubocop (0.63.1)
      jaro_winkler (~> 1.5.1)
      parallel (~> 1.10)
      parser (>= 2.5, != 2.5.1.1)
      powerpack (~> 0.1)
      rainbow (>= 2.2.2, < 4.0)
      ruby-progressbar (~> 1.7)
      unicode-display_width (~> 1.4.0)
    ruby-ole (1.2.12.1)
    ruby-progressbar (1.10.0)
    ruby_dep (1.5.0)
    rubyzip (1.3.0)
    safe_yaml (1.0.5)
    sass (3.4.25)
    sass-rails (5.0.7)
      railties (>= 4.0.0, < 6)
      sass (~> 3.1)
      sprockets (>= 2.8, < 4.0)
      sprockets-rails (>= 2.0, < 4.0)
      tilt (>= 1.1, < 3)
    secure_headers (6.3.1)
    simplecov (0.16.1)
      docile (~> 1.1)
      json (>= 1.8, < 3)
      simplecov-html (~> 0.10.0)
    simplecov-html (0.10.2)
    sprockets (3.7.2)
      concurrent-ruby (~> 1.0)
      rack (> 1, < 3)
    sprockets-rails (3.2.1)
      actionpack (>= 4.0)
      activesupport (>= 4.0)
      sprockets (>= 3.0.0)
    statistics2 (0.54)
    stripe (3.29.0)
      faraday (~> 0.10)
    sync (0.5.0)
    syslog_protocol (0.9.2)
    term-ansicolor (1.7.1)
      tins (~> 1.0)
    text (1.3.1)
    therubyracer (0.12.3)
      libv8 (~> 3.16.14.15)
      ref
    thin (1.7.2)
      daemons (~> 1.0, >= 1.0.9)
      eventmachine (~> 1.0, >= 1.0.4)
      rack (>= 1, < 3)
    thor (1.0.1)
    thread_safe (0.3.6)
    tilt (2.0.8)
    tins (1.25.0)
      sync
    tzinfo (1.2.7)
      thread_safe (~> 0.1)
    uglifier (4.2.0)
      execjs (>= 0.3.0, < 3)
    unicode (0.4.4.4)
    unicode-display_width (1.4.1)
    unidecoder (1.1.2)
    uniform_notifier (1.13.0)
    vpim (13.11.11)
    web-console (3.7.0)
      actionview (>= 5.0)
      activemodel (>= 5.0)
      bindex (>= 0.4.0)
      railties (>= 5.0)
    webmock (3.8.3)
      addressable (>= 2.3.6)
      crack (>= 0.3.2)
      hashdiff (>= 0.4.0, < 2.0.0)
    websocket-driver (0.7.2)
      websocket-extensions (>= 0.1.0)
    websocket-extensions (0.1.5)
    will_paginate (3.3.0)
    xapian-full-alaveteli (1.4.11.1)
    xml-simple (1.1.5)
    xpath (3.1.0)
      nokogiri (~> 1.8)
    zip_tricks (5.3.1)

PLATFORMS
  ruby

DEPENDENCIES
  active_model_otp!
  acts_as_versioned!
  alaveteli_features!
  annotate (< 3.1.1)
  bcrypt (~> 3.1.13)
  bootstrap-sass (~> 2.3.2.2)
  bullet (~> 6.1.0)
  cancancan (~> 3.1.0)
  capistrano (~> 2.15.0, < 3.0.0)
  capybara (~> 3.5.0)
  charlock_holmes (~> 0.7.7)
  coveralls (~> 0.8.23)
  dalli (~> 2.7.0)
  delorean (~> 2.1.0)
  dynamic_form (~> 1.1.0)
  exception_notification (~> 4.4.3)
  factory_bot_rails (~> 5.1.1)
  fancybox-rails (~> 0.3.0)
  fast_gettext (< 2.0.3)
  gender_detector (~> 2.0.0)
  gettext (< 3.3.0)
  gettext_i18n_rails (~> 1.8.1)
  globalize (~> 5.2.0)
  gnuplot (~> 2.6.0)
  holidays (~> 4.7.0, < 5.0.0)
  htmlentities (~> 4.3.0)
  i18n (~> 0.9.0, < 0.9.3)
  icalendar (~> 2.4.0)
  iso_country_codes (~> 0.7.8)
  jquery-rails (~> 4.4.0)
  jquery-ui-rails (~> 6.0.0)
  json (~> 2.3.1)
  launchy (< 2.5.0)
  listen (>= 3.0.5, < 3.2)
  locale (~> 2.1.3)
  mahoro (~> 0.5)
  mail (~> 2.6.6)
  maxmind-db (~> 1.0.0)
  mime-types (< 3.0.0)
  mini_magick (~> 4.10.0)
  money (~> 6.13.8)
  net-ssh (~> 2.9.0, < 3.0.0)
  net-ssh-gateway (>= 1.1.0, < 2.0.0)
  nokogiri (~> 1.10.10)
  oink (~> 0.10.1)
  open4 (~> 1.3.0)
  pg (~> 1.2.3)
  pry (~> 0.12.2)
  pry-byebug (~> 3.7.0)
  rack (~> 2.2.3)
  rack-ssl (~> 1.4.0)
  rack-utf8_sanitizer (~> 1.7.0)
  rails (~> 5.2.4)
  rails-controller-testing
  rails-i18n (~> 5.1.0)
  recaptcha (~> 4.9.0, < 4.10.0)
  rolify (~> 5.3.0)
  routing-filter (~> 0.6.2)
  rspec-activemodel-mocks (~> 1.1.0)
  rspec-rails (~> 4.0.1)
  rubocop (~> 0.63.1)
  ruby-msg (~> 1.5.0)!
  rubyzip (~> 1.3.0, < 2.0.0)
  sass-rails (~> 5.0.7)
  secure_headers (~> 6.3.1)
  statistics2 (~> 0.54)
  strip_attributes!
  stripe (~> 3.29.0)
  stripe-ruby-mock!
  syslog_protocol (~> 0.9.0)
  therubyracer (~> 0.12.0)
  thin (~> 1.7.2)
  uglifier (~> 4.2.0)
  unicode (~> 0.4.4)
  unidecoder (~> 1.1.0)
  vpim (~> 13.11.11)
  web-console (>= 3.3.0)
  webmock (~> 3.8.3)
  will_paginate (~> 3.3.0)
  xapian-full-alaveteli (~> 1.4.11.1)
  xml-simple (~> 1.1.0)
  zip_tricks (~> 5.3.1)
